GEM
  remote: https://rubygems.org/
  specs:
    addressable (2.3.8)
    coderay (1.1.3)
    json (1.8.6)
    method_source (1.0.0)
    mime-types (1.25.1)
    net-http (0.1.1)
      net-protocol
      uri
    net-protocol (0.1.0)
    pry (0.13.1)
      coderay (~> 1.1)
      method_source (~> 1.0)
    rest-client (1.6.14)
      mime-types (~> 1.16)
    unirest (1.1.2)
      addressable (~> 2.3.5)
      json (~> 1.8.1)
      rest-client (~> 1.6.7)
    uri (0.10.1)

PLATFORMS
  x86_64-linux

DEPENDENCIES
  json
  net-http
  pry
  unirest

BUNDLED WITH
   2.2.4
